GEM
  remote: https://rubygems.org/
  specs:
    mikrotik_config (0.0.1)

PLATFORMS
  ruby
  x86_64-linux

DEPENDENCIES
  mikrotik_config

BUNDLED WITH
   2.6.2
